GEM
  remote: https://rubygems.org/
  specs:
    celluloid (0.12.4)
      facter (>= 1.6.12)
      timers (>= 1.0.0)
    facter (1.6.17)
    rmagick (2.13.2)
    snappy (0.0.4)
    timers (1.1.0)

PLATFORMS
  ruby

DEPENDENCIES
  celluloid
  rmagick
  snappy
